GEM
  remote: https://rubygems.org/
  specs:
    activemodel (3.2.8)
      activesupport (= 3.2.8)
      builder (~> 3.0.0)
    activerecord (3.2.8)
      activemodel (= 3.2.8)
      activesupport (= 3.2.8)
      arel (~> 3.0.2)
      tzinfo (~> 0.3.29)
    activesupport (3.2.8)
      i18n (~> 0.6)
      multi_json (~> 1.0)
    arel (3.0.2)
    builder (3.0.4)
    dalli (1.0.5)
    i18n (0.6.1)
    memcachier (0.0.2)
    mini_portile (0.5.2)
    multi_json (1.3.7)
    newrelic_rpm (3.5.8.72)
    nokogiri (1.6.0)
      mini_portile (~> 0.5.0)
    pg (0.14.1)
    rack (1.4.3)
    rack-cache (1.2)
      rack (>= 0.4)
    rack-google-analytics (0.12.0)
    rack-protection (1.2.0)
      rack
    sinatra (1.3.3)
      rack (~> 1.3, >= 1.3.6)
      rack-protection (~> 1.2)
      tilt (~> 1.3, >= 1.3.3)
    sinatra-activerecord (1.2.1)
      activerecord (~> 3.0)
      sinatra (~> 1.0)
    sqlite3 (1.3.7)
    tilt (1.3.3)
    tzinfo (0.3.34)

PLATFORMS
  ruby

DEPENDENCIES
  activerecord (~> 3.2.8)
  dalli (~> 1.0.5)
  memcachier
  newrelic_rpm
  nokogiri
  pg (~> 0.14.1)
  rack-cache
  rack-google-analytics
  sinatra
  sinatra-activerecord
  sqlite3
